GEM
  remote: https://rubygems.org/
  specs:
    kramdown (2.1.0)

PLATFORMS
  ruby

DEPENDENCIES
  kramdown

BUNDLED WITH
   1.16.6
